GEM
  remote: https://rubygems.org/
  specs:
    bigdecimal (3.1.8)
    colorize (1.1.0)
    concurrent-ruby (1.3.4)
    csv (3.3.0)
    dotenv (3.1.4)
    faker (3.4.2)
      i18n (>= 1.8.11, < 2)
    httparty (0.22.0)
      csv
      mini_mime (>= 1.0.0)
      multi_xml (>= 0.5.2)
    i18n (1.14.6)
      concurrent-ruby (~> 1.0)
    mini_mime (1.1.5)
    minitest (5.25.1)
    multi_xml (0.7.1)
      bigdecimal (~> 3.1)
    rake (13.2.1)

PLATFORMS
  ruby
  x86_64-linux

DEPENDENCIES
  colorize (~> 1.1)
  dotenv (~> 3.1)
  faker (~> 3.4)
  httparty (~> 0.22.0)
  minitest (~> 5.25)
  rake (~> 13.2)

BUNDLED WITH
   2.5.15
